GEM
  remote: https://rubygems.org/
  specs:
    certified (1.0.0)
    json_pure (2.6.1)
    kramdown (2.3.1)
      rexml
    kramdown-parser-gfm (1.1.0)
      kramdown (~> 2.0)
    kramdown-rfc2629 (1.5.17)
      certified (~> 1.0)
      json_pure (~> 2.0)
      kramdown (~> 2.3.0)
      kramdown-parser-gfm (~> 1.1)
    rexml (3.3.3)
      strscan
    strscan (3.1.0)

PLATFORMS
  ruby

DEPENDENCIES
  kramdown-rfc2629

BUNDLED WITH
   2.1.4
